PATH
  remote: .
  specs:
    polyphony-http (0.28)
      http-2 (~> 0.10.0)
      http_parser.rb (~> 0.6.0)
      polyphony (~> 0.42)
      rack (>= 2.0.8, < 2.3.0)
      websocket (~> 1.2.8)

GEM
  remote: https://rubygems.org/
  specs:
    ansi (1.5.0)
    builder (3.2.4)
    docile (1.3.2)
    http-2 (0.10.2)
    http_parser.rb (0.6.0)
    json (2.1.0)
    localhost (1.1.4)
    minitest (5.11.3)
    minitest-reporters (1.4.2)
      ansi
      builder
      minitest (>= 5.0)
      ruby-progressbar
<<<<<<< HEAD
    polyphony (0.43)
    rack (2.0.9)
=======
    polyphony (0.42)
    rack (2.2.3)
>>>>>>> 565c9b675d89bdb01886a3edfaeacb9ce6821057
    rake (12.3.3)
    ruby-progressbar (1.10.1)
    simplecov (0.17.1)
      docile (~> 1.1)
      json (>= 1.8, < 3)
      simplecov-html (~> 0.10.0)
    simplecov-html (0.10.2)
    websocket (1.2.8)

PLATFORMS
  ruby

DEPENDENCIES
  localhost (~> 1.1.4)
  minitest (~> 5.11.3)
  minitest-reporters (~> 1.4.2)
  polyphony-http!
  rake (~> 12.3.3)
  simplecov (~> 0.17.1)

BUNDLED WITH
   2.1.4
